GEM
  remote: https://rubygems.org/
  specs:
    httparty (0.13.1)
      json (~> 1.8)
      multi_xml (>= 0.5.2)
    i18n (0.6.11)
    json (1.8.1)
    milkman (0.0.1)
      httparty
      i18n
      thor
    multi_xml (0.5.5)
    rufus-scheduler (3.0.8)
      tzinfo
    thor (0.19.1)
    thread_safe (0.3.4)
    tzinfo (1.2.2)
      thread_safe (~> 0.1)

PLATFORMS
  ruby

DEPENDENCIES
  json
  milkman
  rufus-scheduler
