GEM
  remote: https://rubygems.org/
  specs:
    httparty (0.12.0)
      json (~> 1.8)
      multi_xml (>= 0.5.2)
    i18n (0.6.9)
    json (1.8.1)
    milkman (0.0.1)
      httparty
      i18n
      thor
    multi_xml (0.5.5)
    rufus-scheduler (3.0.5)
      tzinfo
    thor (0.18.1)
    tzinfo (0.3.38)

PLATFORMS
  ruby

DEPENDENCIES
  json
  milkman
  rufus-scheduler
